GEM
  remote: https://rubygems.org/
  specs:
    builder (3.2.2)
    capistrano (3.0.1)
      i18n
      rake (>= 10.0.0)
      sshkit (>= 0.0.23)
    i18n (0.6.9)
    jwt (0.1.11)
      multi_json (>= 1.5)
    minitest (5.3.1)
    multi_json (1.9.2)
    mysql2 (0.3.15)
    net-scp (1.1.2)
      net-ssh (>= 2.6.5)
    net-ssh (2.8.0)
    perftools.rb (2.0.1)
    rake (10.0.0)
    simplecov (0.7.1)
      multi_json (~> 1.0)
      simplecov-html (~> 0.7.1)
    simplecov-html (0.7.1)
    sshkit (1.3.0)
      net-scp (>= 1.1.2)
      net-ssh
      term-ansicolor
    term-ansicolor (1.3.0)
      tins (~> 1.0)
    tins (1.0.1)
    twilio-ruby (3.11.5)
      builder (>= 2.1.2)
      jwt (>= 0.1.2)
      multi_json (>= 1.3.0)
    xml-simple (1.1.3)

PLATFORMS
  ruby

DEPENDENCIES
  capistrano (~> 3.0.1)
  minitest
  mysql2
  perftools.rb
  rake (= 10.0.0)
  simplecov (~> 0.7.1)
  twilio-ruby
  xml-simple
